GEM
  remote: https://rubygems.org/
  specs:
    ast (2.2.0)
    benchmark-ips (2.6.1)
    byebug (9.0.5)
    method_source (0.8.2)
    parser (2.3.1.0)
      ast (~> 2.2)

PLATFORMS
  ruby

DEPENDENCIES
  benchmark-ips
  byebug
  method_source
  parser

BUNDLED WITH
   1.12.4
