PATH
  remote: .
  specs:
    rusby (0.1.0)
      colorize
      ffi
      hashie
      method_source
      parser
      ruby-prof

GEM
  remote: https://rubygems.org/
  specs:
    ast (2.2.0)
    byebug (9.0.5)
    colorize (0.7.7)
    diff-lcs (1.2.5)
    ffi (1.9.10)
    hashie (3.4.4)
    method_source (0.8.2)
    parser (2.3.1.0)
      ast (~> 2.2)
    rake (10.5.0)
    rspec (3.4.0)
      rspec-core (~> 3.4.0)
      rspec-expectations (~> 3.4.0)
      rspec-mocks (~> 3.4.0)
    rspec-core (3.4.4)
      rspec-support (~> 3.4.0)
    rspec-expectations (3.4.0)
      diff-lcs (>= 1.2.0, < 2.0)
      rspec-support (~> 3.4.0)
    rspec-mocks (3.4.1)
      diff-lcs (>= 1.2.0, < 2.0)
      rspec-support (~> 3.4.0)
    rspec-support (3.4.1)
    ruby-prof (0.15.9)

PLATFORMS
  ruby

DEPENDENCIES
  bundler (~> 1.12)
  byebug
  rake (~> 10.0)
  rspec (~> 3.0)
  rusby!

BUNDLED WITH
   1.12.4
