PATH
  remote: ..
  specs:
    rusby (0.1.0)
      colorize
      ffi
      hashie
      method_source
      parser
      ruby-prof

GEM
  remote: https://rubygems.org/
  specs:
    ast (2.2.0)
    colorize (0.7.7)
    ffi (1.9.10)
    hashie (3.4.4)
    method_source (0.8.2)
    parser (2.3.1.0)
      ast (~> 2.2)
    ruby-prof (0.15.9)

PLATFORMS
  ruby

DEPENDENCIES
  rusby!

BUNDLED WITH
   1.12.4
